PATH
  remote: .
  specs:
    gibbons (0.0.1)
      activesupport (~> 3.1)
      hashie (~> 1.2)
      httparty (~> 0.8.1)

GEM
  remote: http://rubygems.org/
  specs:
    activesupport (3.1.3)
      multi_json (~> 1.0)
    diff-lcs (1.1.3)
    hashie (1.2.0)
    httparty (0.8.1)
      multi_json
      multi_xml
    multi_json (1.0.4)
    multi_xml (0.4.1)
    rspec (2.7.0)
      rspec-core (~> 2.7.0)
      rspec-expectations (~> 2.7.0)
      rspec-mocks (~> 2.7.0)
    rspec-core (2.7.1)
    rspec-expectations (2.7.0)
      diff-lcs (~> 1.1.2)
    rspec-mocks (2.7.0)

PLATFORMS
  ruby

DEPENDENCIES
  gibbons!
  rspec
