PATH
  remote: .
  specs:
    gibbons (0.0.1)
      activesupport (~> 3.1)
      hashie (~> 1.2)
      httparty (~> 0.8.1)

GEM
  remote: http://rubygems.org/
  specs:
    activesupport (3.1.3)
      multi_json (~> 1.0)
    hashie (1.2.0)
    httparty (0.8.1)
      multi_json
      multi_xml
    multi_json (1.0.4)
    multi_xml (0.4.1)

PLATFORMS
  ruby

DEPENDENCIES
  gibbons!
